GEM
  remote: https://rubygems.org/
  specs:
    redis (4.2.2)

PLATFORMS
  ruby

DEPENDENCIES
  redis

BUNDLED WITH
   2.2.0.dev
